GEM
  remote: http://rubygems.org/
  specs:
    Ascii85 (1.0.1)
    aasm (3.0.1)
      activerecord
    actionmailer (2.3.11)
      actionpack (= 2.3.11)
    actionpack (2.3.11)
      activesupport (= 2.3.11)
      rack (~> 1.1.0)
    activerecord (2.3.11)
      activesupport (= 2.3.11)
    activeresource (2.3.11)
      activesupport (= 2.3.11)
    activesupport (2.3.11)
    addressable (2.2.6)
    block_helpers (0.3.3)
      activesupport (>= 2.0)
    coderay (1.0.5)
    heroku (2.17.0)
      launchy (>= 0.3.2)
      rest-client (~> 1.6.1)
      rubyzip
      term-ansicolor (~> 1.0.5)
    holidays (1.0.4)
      holidays
    i18n (0.4.2)
    icalendar (1.1.6)
    launchy (2.0.5)
      addressable (~> 2.2.6)
    mime-types (1.17.2)
    mysql (2.8.1)
    nokogiri (1.5.0)
    open-uri-cached (0.0.4)
    pdf-reader (0.10.1)
      Ascii85 (~> 1.0.0)
    prawn (0.12.0)
      pdf-reader (>= 0.9.0)
      ttfunk (~> 1.0.2)
    rack (1.1.3)
    rails (2.3.11)
      actionmailer (= 2.3.11)
      actionpack (= 2.3.11)
      activerecord (= 2.3.11)
      activeresource (= 2.3.11)
      activesupport (= 2.3.11)
      rake (>= 0.8.3)
    rake (0.9.2.2)
    rest-client (1.6.7)
      mime-types (>= 1.16)
    rubyzip (0.9.5)
    sequel (3.20.0)
    sinatra (1.0)
      rack (>= 1.0)
    sqlite3 (1.3.5)
    sqlite3-ruby (1.3.3)
      sqlite3 (>= 1.3.3)
    taps (0.3.23)
      rack (>= 1.0.1)
      rest-client (>= 1.4.0, < 1.7.0)
      sequel (~> 3.20.0)
      sinatra (~> 1.0.0)
      sqlite3-ruby (~> 1.2)
    term-ansicolor (1.0.7)
    ttfunk (1.0.3)

PLATFORMS
  ruby

DEPENDENCIES
  aasm
  block_helpers
  coderay
  heroku
  holidays
  i18n (= 0.4.2)
  icalendar
  mysql
  nokogiri
  open-uri-cached
  prawn
  rails (= 2.3.11)
  taps
