GEM
  remote: http://rubygems.org/
  specs:
    Ascii85 (1.0.1)
    actionmailer (2.3.11)
      actionpack (= 2.3.11)
    actionpack (2.3.11)
      activesupport (= 2.3.11)
      rack (~> 1.1.0)
    activerecord (2.3.11)
      activesupport (= 2.3.11)
    activeresource (2.3.11)
      activesupport (= 2.3.11)
    activesupport (2.3.11)
    holidays (1.0.2)
    i18n (0.4.2)
    icalendar (1.1.6)
    nokogiri (1.5.0)
    open-uri-cached (0.0.4)
    pdf-reader (0.10.0)
      Ascii85 (~> 1.0.0)
    prawn (0.12.0)
      pdf-reader (>= 0.9.0)
      ttfunk (~> 1.0.2)
    rack (1.1.2)
    rails (2.3.11)
      actionmailer (= 2.3.11)
      actionpack (= 2.3.11)
      activerecord (= 2.3.11)
      activeresource (= 2.3.11)
      activesupport (= 2.3.11)
      rake (>= 0.8.3)
    rake (0.8.7)
    ttfunk (1.0.2)

PLATFORMS
  ruby

DEPENDENCIES
  holidays
  i18n (= 0.4.2)
  icalendar
  nokogiri
  open-uri-cached
  prawn
  rails (= 2.3.11)
